GEM
  remote: http://rubygems.org/
  specs:
    activesupport (3.1.3)
      multi_json (~> 1.0)
    git (1.2.5)
    jeweler (1.6.4)
      bundler (~> 1.0)
      git (>= 1.2.5)
      rake
    minitest (2.9.0)
    multi_json (1.0.4)
    rake (0.9.2.2)
    rcov (0.9.11)
    reek (1.2.8)
      ruby2ruby (~> 1.2)
      ruby_parser (~> 2.0)
      sexp_processor (~> 3.0)
    ruby2ruby (1.3.1)
      ruby_parser (~> 2.0)
      sexp_processor (~> 3.0)
    ruby_parser (2.3.1)
      sexp_processor (~> 3.0)
    sexp_processor (3.0.9)
    yard (0.6.8)

PLATFORMS
  ruby

DEPENDENCIES
  activesupport (>= 3.0)
  bundler (~> 1.0.0)
  jeweler (~> 1.6.4)
  minitest
  rcov
  reek (~> 1.2.8)
  yard (~> 0.6.0)
